GIT
  remote: https://github.com/AndyGauge/kaseya-ruby
  revision: bc2c4a1b7c4e5d1c5f4a99a5300b9ca71d9d8aba
  specs:
    kaseya (0.2.3)
      activesupport (>= 5.0)
      faraday (< 1.0)
      faraday_middleware (< 1.0)

GIT
  remote: https://github.com/ghiculescu/devise.git
  revision: e37ea6a0143b9b8a3477b1ed397d8a22ad317a61
  branch: patch-2
  specs:
    devise (4.7.3)
      bcrypt (~> 3.0)
      orm_adapter (~> 0.1)
      railties (>= 4.1.0)
      responders
      warden (~> 1.2.3)

GIT
  remote: https://github.com/rails/rails.git
  revision: 9f33178a2dac12d73ab7b03ab8ff61deeafb5a86
  branch: main
  specs:
    actioncable (7.0.0.alpha)
      actionpack (= 7.0.0.alpha)
      activesupport (= 7.0.0.alpha)
      nio4r (~> 2.0)
      websocket-driver (>= 0.6.1)
    actionmailbox (7.0.0.alpha)
      actionpack (= 7.0.0.alpha)
      activejob (= 7.0.0.alpha)
      activerecord (= 7.0.0.alpha)
      activestorage (= 7.0.0.alpha)
      activesupport (= 7.0.0.alpha)
      mail (>= 2.7.1)
    actionmailer (7.0.0.alpha)
      actionpack (= 7.0.0.alpha)
      actionview (= 7.0.0.alpha)
      activejob (= 7.0.0.alpha)
      activesupport (= 7.0.0.alpha)
      mail (~> 2.5, >= 2.5.4)
      rails-dom-testing (~> 2.0)
    actionpack (7.0.0.alpha)
      actionview (= 7.0.0.alpha)
      activesupport (= 7.0.0.alpha)
      rack (~> 2.0, >= 2.2.0)
      rack-test (>= 0.6.3)
      rails-dom-testing (~> 2.0)
      rails-html-sanitizer (~> 1.0, >= 1.2.0)
    actiontext (7.0.0.alpha)
      actionpack (= 7.0.0.alpha)
      activerecord (= 7.0.0.alpha)
      activestorage (= 7.0.0.alpha)
      activesupport (= 7.0.0.alpha)
      nokogiri (>= 1.8.5)
    actionview (7.0.0.alpha)
      activesupport (= 7.0.0.alpha)
      builder (~> 3.1)
      erubi (~> 1.4)
      rails-dom-testing (~> 2.0)
      rails-html-sanitizer (~> 1.1, >= 1.2.0)
    activejob (7.0.0.alpha)
      activesupport (= 7.0.0.alpha)
      globalid (>= 0.3.6)
    activemodel (7.0.0.alpha)
      activesupport (= 7.0.0.alpha)
    activerecord (7.0.0.alpha)
      activemodel (= 7.0.0.alpha)
      activesupport (= 7.0.0.alpha)
    activestorage (7.0.0.alpha)
      actionpack (= 7.0.0.alpha)
      activejob (= 7.0.0.alpha)
      activerecord (= 7.0.0.alpha)
      activesupport (= 7.0.0.alpha)
      marcel (~> 1.0.0)
      mini_mime (>= 1.1.0)
    activesupport (7.0.0.alpha)
      concurrent-ruby (~> 1.0, >= 1.0.2)
      i18n (>= 1.6, < 2)
      minitest (>= 5.1)
      tzinfo (~> 2.0)
      zeitwerk (~> 2.3)
    rails (7.0.0.alpha)
      actioncable (= 7.0.0.alpha)
      actionmailbox (= 7.0.0.alpha)
      actionmailer (= 7.0.0.alpha)
      actionpack (= 7.0.0.alpha)
      actiontext (= 7.0.0.alpha)
      actionview (= 7.0.0.alpha)
      activejob (= 7.0.0.alpha)
      activemodel (= 7.0.0.alpha)
      activerecord (= 7.0.0.alpha)
      activestorage (= 7.0.0.alpha)
      activesupport (= 7.0.0.alpha)
      bundler (>= 1.15.0)
      railties (= 7.0.0.alpha)
      sprockets-rails (>= 2.0.0)
    railties (7.0.0.alpha)
      actionpack (= 7.0.0.alpha)
      activesupport (= 7.0.0.alpha)
      method_source
      rake (>= 0.13)
      thor (~> 1.0)

GEM
  remote: https://rubygems.org/
  specs:
    addressable (2.8.0)
      public_suffix (>= 2.0.2, < 5.0)
    babel-source (5.8.35)
    babel-transpiler (0.7.0)
      babel-source (>= 4.0, < 6)
      execjs (~> 2.0)
    bcrypt (3.1.16)
    bindex (0.8.1)
    bootsnap (1.7.5)
      msgpack (~> 1.0)
    builder (3.2.4)
    byebug (11.1.3)
    capybara (3.35.3)
      addressable
      mini_mime (>= 0.1.3)
      nokogiri (~> 1.8)
      rack (>= 1.6.0)
      rack-test (>= 0.6.3)
      regexp_parser (>= 1.5, < 3.0)
      xpath (~> 3.2)
    childprocess (3.0.0)
    concurrent-ruby (1.1.9)
    connection_pool (2.2.5)
    crass (1.0.6)
    devise_ldap_authenticatable (0.8.7)
      devise (>= 3.4.1)
      net-ldap (>= 0.16.0)
    dotenv (2.7.6)
    dotenv-rails (2.7.6)
      dotenv (= 2.7.6)
      railties (>= 3.2)
    e2mmap (0.1.0)
    encryptor (3.0.0)
    erubi (1.10.0)
    et-orbi (1.2.4)
      tzinfo
    execjs (2.8.1)
    faraday (0.17.4)
      multipart-post (>= 1.2, < 3)
    faraday_middleware (0.14.0)
      faraday (>= 0.7.4, < 1.0)
    ffi (1.15.3)
    fugit (1.5.0)
      et-orbi (~> 1.1, >= 1.1.8)
      raabro (~> 1.4)
    globalid (0.4.2)
      activesupport (>= 4.2.0)
    httparty (0.18.1)
      mime-types (~> 3.0)
      multi_xml (>= 0.5.2)
    i18n (1.8.10)
      concurrent-ruby (~> 1.0)
    jbuilder (2.11.2)
      activesupport (>= 5.0.0)
    listen (3.0.8)
      rb-fsevent (~> 0.9, >= 0.9.4)
      rb-inotify (~> 0.9, >= 0.9.7)
    loofah (2.10.0)
      crass (~> 1.0.2)
      nokogiri (>= 1.5.9)
    mail (2.7.1)
      mini_mime (>= 0.1.1)
    marcel (1.0.1)
    method_source (1.0.0)
    mime-types (3.3.1)
      mime-types-data (~> 3.2015)
    mime-types-data (3.2021.0704)
    mini_mime (1.1.0)
    mini_portile2 (2.5.3)
    minitest (5.14.4)
    msgpack (1.4.2)
    multi_xml (0.6.0)
    multipart-post (2.1.1)
    net-ldap (0.17.0)
    netaddr (2.0.4)
    nio4r (2.5.7)
    nokogiri (1.11.7)
      mini_portile2 (~> 2.5.0)
      racc (~> 1.4)
    orm_adapter (0.5.0)
    public_suffix (4.0.6)
    puma (4.3.8)
      nio4r (~> 2.0)
    raabro (1.4.0)
    racc (1.5.2)
    rack (2.2.3)
    rack-proxy (0.7.0)
      rack
    rack-test (1.1.0)
      rack (>= 1.0, < 3)
    rails-dom-testing (2.0.3)
      activesupport (>= 4.2.0)
      nokogiri (>= 1.6)
    rails-html-sanitizer (1.3.0)
      loofah (~> 2.3)
    rake (13.0.4)
    randexp (0.1.7)
    rb-fsevent (0.11.0)
    rb-inotify (0.10.1)
      ffi (~> 1.0)
    react-rails (2.6.1)
      babel-transpiler (>= 0.7.0)
      connection_pool
      execjs
      railties (>= 3.2)
      tilt
    redis (4.3.1)
    regexp_parser (2.1.1)
    responders (3.0.1)
      actionpack (>= 5.0)
      railties (>= 5.0)
    rotp (6.2.0)
    rubyzip (2.3.2)
    rufus-scheduler (3.7.0)
      fugit (~> 1.1, >= 1.1.6)
    sass-rails (6.0.0)
      sassc-rails (~> 2.1, >= 2.1.1)
    sassc (2.4.0)
      ffi (~> 1.9)
    sassc-rails (2.1.2)
      railties (>= 4.0.0)
      sassc (>= 2.0)
      sprockets (> 3.0)
      sprockets-rails
      tilt
    selenium-webdriver (3.142.7)
      childprocess (>= 0.5, < 4.0)
      rubyzip (>= 1.2.2)
    sequel (5.46.0)
    sidekiq (6.2.1)
      connection_pool (>= 2.2.2)
      rack (~> 2.0)
      redis (>= 4.2.0)
    sidekiq-scheduler (3.1.0)
      e2mmap
      redis (>= 3, < 5)
      rufus-scheduler (~> 3.2)
      sidekiq (>= 3)
      thwait
      tilt (>= 1.4.0)
    simple_calendar (2.4.2)
      rails (>= 3.0)
    spring (2.1.1)
    spring-watcher-listen (2.0.1)
      listen (>= 2.7, < 4.0)
      spring (>= 1.2, < 3.0)
    sprockets (4.0.2)
      concurrent-ruby (~> 1.0)
      rack (> 1, < 3)
    sprockets-rails (3.2.2)
      actionpack (>= 4.0)
      activesupport (>= 4.0)
      sprockets (>= 3.0.0)
    sqlite3 (1.4.2)
    synnex (0.1.8)
      httparty
    thor (1.1.0)
    thwait (0.2.0)
      e2mmap
    tilt (2.0.10)
    tiny_tds (2.1.5)
    turbolinks (5.2.1)
      turbolinks-source (~> 5.2)
    turbolinks-source (5.2.0)
    two_factor_authentication (2.2.0)
      devise
      encryptor
      rails (>= 3.1.1)
      randexp
      rotp (>= 4.0.0)
    tzinfo (2.0.4)
      concurrent-ruby (~> 1.0)
    warden (1.2.9)
      rack (>= 2.0.9)
    web-console (4.1.0)
      actionview (>= 6.0.0)
      activemodel (>= 6.0.0)
      bindex (>= 0.4.0)
      railties (>= 6.0.0)
    webdrivers (4.6.0)
      nokogiri (~> 1.6)
      rubyzip (>= 1.3.0)
      selenium-webdriver (>= 3.0, < 4.0)
    webpacker (4.3.0)
      activesupport (>= 4.2)
      rack-proxy (>= 0.6.1)
      railties (>= 4.2)
    websocket-driver (0.7.5)
      websocket-extensions (>= 0.1.0)
    websocket-extensions (0.1.5)
    xpath (3.2.0)
      nokogiri (~> 1.8)
    zeitwerk (2.4.2)

PLATFORMS
  ruby

DEPENDENCIES
  bootsnap (>= 1.4.2)
  byebug
  capybara (>= 2.15)
  devise!
  devise_ldap_authenticatable
  dotenv-rails
  jbuilder (~> 2.7)
  kaseya!
  listen (>= 3.0.5, < 3.2)
  net-ldap
  netaddr
  puma (~> 4.3)
  rails!
  react-rails
  redis
  sass-rails (>= 6)
  selenium-webdriver
  sequel
  sidekiq
  sidekiq-scheduler
  simple_calendar
  spring
  spring-watcher-listen (~> 2.0.0)
  sqlite3 (~> 1.4)
  synnex
  tiny_tds
  turbolinks (~> 5)
  two_factor_authentication
  tzinfo-data
  web-console (>= 3.3.0)
  webdrivers
  webpacker (~> 4.0)

BUNDLED WITH
   2.2.3
